GEM
  remote: https://rubygems.org/
  specs:
    actioncable (5.2.3)
      actionpack (= 5.2.3)
      nio4r (~> 2.0)
      websocket-driver (>= 0.6.1)

PLATFORMS
  ruby

DEPENDENCIES
  dotenv (~> 2.7)

BUNDLED WITH
   1.17.2