GEM
  remote: https://rubygems.org/
  specs:
    dotenv (2.7.2)
    thor (0.20.3)

PLATFORMS
  ruby

DEPENDENCIES
  dotenv (~> 2.7)

BUNDLED WITH
   1.17.2
